GIT
  remote: git://github.com/zzak/sdoc.git
  revision: adc7a0f190a48dae7ebc0a46a770a1aea1c0e785
  branch: rdoc-4.0.0.rc2
  specs:
    sdoc (0.4.0)
      json (>= 1.1.3)
      rdoc (~> 4.0.0)

GEM
  remote: http://rubygems.org/
  specs:
    json (1.7.7)
    rdoc (4.0.1)
      json (~> 1.4)

PLATFORMS
  ruby

DEPENDENCIES
  sdoc!
