GIT
  remote: git://github.com/Mik-die/sdoc.git
  revision: 7e50657db86bfb32fbce012d3551f6988c69c94c
  specs:
    sdoc (0.4.0)
      json (>= 1.1.3)
      rdoc (~> 4.0.0)

GEM
  remote: http://rubygems.org/
  specs:
    json (1.8.0)
    rdoc (4.0.1)
      json (~> 1.4)

PLATFORMS
  ruby

DEPENDENCIES
  sdoc!
