GIT
  remote: git://github.com/Mik-die/sdoc.git
  revision: 9200f657f56dd8bcacd131ee4c0e8bd25dd9622d
  specs:
    sdoc (0.4.0)
      json (>= 1.1.3)
      rdoc (~> 4.0.0)

GEM
  remote: http://rubygems.org/
  specs:
    json (1.8.0)
    rdoc (4.0.1)
      json (~> 1.4)

PLATFORMS
  ruby

DEPENDENCIES
  sdoc!
